PATH
  remote: .
  specs:
    regret (0.0.1)
      chunky_png

GEM
  remote: https://rubygems.org/
  specs:
    chunky_png (1.3.8)
    diff-lcs (1.2.5)
    rake (11.3.0)
    rspec (3.5.0)
      rspec-core (~> 3.5.0)
      rspec-expectations (~> 3.5.0)
      rspec-mocks (~> 3.5.0)
    rspec-core (3.5.4)
      rspec-support (~> 3.5.0)
    rspec-expectations (3.5.0)
      diff-lcs (>= 1.2.0, < 2.0)
      rspec-support (~> 3.5.0)
    rspec-mocks (3.5.0)
      diff-lcs (>= 1.2.0, < 2.0)
      rspec-support (~> 3.5.0)
    rspec-support (3.5.0)

PLATFORMS
  ruby

DEPENDENCIES
  rake
  regret!
  rspec (~> 3)

BUNDLED WITH
   1.11.2
